GEM
  remote: http://rubygems.org/
  specs:
    abstract (1.0.0)
    actionmailer (3.0.20)
      actionpack (= 3.0.20)
      mail (~> 2.2.19)
    actionpack (3.0.20)
      activemodel (= 3.0.20)
      activesupport (= 3.0.20)
      builder (~> 2.1.2)
      erubis (~> 2.6.6)
      i18n (~> 0.5.0)
      rack (~> 1.2.5)
      rack-mount (~> 0.6.14)
      rack-test (~> 0.5.7)
      tzinfo (~> 0.3.23)
    activemodel (3.0.20)
      activesupport (= 3.0.20)
      builder (~> 2.1.2)
      i18n (~> 0.5.0)
    activerecord (3.0.20)
      activemodel (= 3.0.20)
      activesupport (= 3.0.20)
      arel (~> 2.0.10)
      tzinfo (~> 0.3.23)
    activeresource (3.0.20)
      activemodel (= 3.0.20)
      activesupport (= 3.0.20)
    activesupport (3.0.20)
    arel (2.0.10)
    brI18n (3.0.2)
      actionpack (>= 3.0.0)
      activerecord (>= 3.0.0)
      activesupport (>= 3.0.0)
    brazilian-rails (3.0.2)
      brI18n (= 3.0.2)
      brcep (= 3.0.2)
      brcpfcnpj (= 3.0.2)
      brdata (= 3.0.2)
      brdinheiro (= 3.0.2)
      brhelper (= 3.0.2)
      brnumeros (= 3.0.2)
      brstring (= 3.0.2)
    brcep (3.0.2)
    brcpfcnpj (3.0.2)
      actionpack (>= 3.0.0)
      activesupport (>= 3.0.0)
    brdata (3.0.2)
      actionpack (>= 3.0.0)
      activesupport (>= 3.0.0)
    brdinheiro (3.0.2)
      actionpack (>= 3.0.0)
      activerecord (>= 3.0.0)
      brnumeros (= 3.0.2)
    brhelper (3.0.2)
      actionpack (>= 3.0.0)
      activesupport (>= 3.0.0)
    brnumeros (3.0.2)
    brstring (3.0.2)
      activesupport (>= 3.0.0)
    builder (2.1.2)
    diff-lcs (1.1.2)
    erubis (2.6.6)
      abstract (>= 1.0.0)
    has_scope (0.5.0)
    i18n (0.5.4)
    inherited_resources (1.1.2)
      has_scope (~> 0.5.0)
      responders (~> 0.6.0)
    json (1.8.6)
    mail (2.2.20)
      activesupport (>= 2.3.6)
      i18n (>= 0.4.0)
      mime-types (~> 1.16)
      treetop (~> 1.4.8)
    mime-types (1.25.1)
    polyglot (0.3.5)
    rack (1.2.8)
    rack-mount (0.6.14)
      rack (>= 1.0.0)
    rack-test (0.5.7)
      rack (>= 1.0)
    rails (3.0.20)
      actionmailer (= 3.0.20)
      actionpack (= 3.0.20)
      activerecord (= 3.0.20)
      activeresource (= 3.0.20)
      activesupport (= 3.0.20)
      bundler (~> 1.0)
      railties (= 3.0.20)
    railties (3.0.20)
      actionpack (= 3.0.20)
      activesupport (= 3.0.20)
      rake (>= 0.8.7)
      rdoc (~> 3.4)
      thor (~> 0.14.4)
    rake (13.0.6)
    rdoc (3.12.2)
      json (~> 1.4)
    responders (0.6.2)
    rspec (2.4.0)
      rspec-core (~> 2.4.0)
      rspec-expectations (~> 2.4.0)
      rspec-mocks (~> 2.4.0)
    rspec-core (2.4.0)
    rspec-expectations (2.4.0)
      diff-lcs (~> 1.1.2)
    rspec-mocks (2.4.0)
    rspec-rails (2.4.1)
      actionpack (~> 3.0)
      activesupport (~> 3.0)
      railties (~> 3.0)
      rspec (~> 2.4.0)
    simple_form (1.3.0)
      rails (~> 3.0.0)
    spork (0.8.4)
    sqlite3-ruby (1.3.2)
    thor (0.14.6)
    treetop (1.4.15)
      polyglot
      polyglot (>= 0.3.1)
    tzinfo (0.3.60)
    web-app-theme (0.6.3)

PLATFORMS
  ruby

DEPENDENCIES
  brazilian-rails
  has_scope (= 0.5.0)
  inherited_resources (= 1.1.2)
  rails (= 3.0.20)
  responders (= 0.6.2)
  rspec (= 2.4.0)
  rspec-rails (= 2.4.1)
  simple_form (= 1.3.0)
  spork (= 0.8.4)
  sqlite3-ruby
  web-app-theme (>= 0.6.2)
